GEM
  remote: https://rubygems.org/
  specs:
    json (2.1.0)
    mustermann (1.0.3)
    puma (3.12.0)
    rack (2.0.5)
    rack-protection (2.0.4)
      rack
    sinatra (2.0.4)
      mustermann (~> 1.0)
      rack (~> 2.0)
      rack-protection (= 2.0.4)
      tilt (~> 2.0)
    tilt (2.0.8)

PLATFORMS
  ruby

DEPENDENCIES
  json
  puma
  sinatra

BUNDLED WITH
   1.15.1
